PATH
  remote: .
  specs:
    bravery (0.0.1)

GEM
  remote: https://rubygems.org/
  specs:
    rake (10.1.1)

PLATFORMS
  ruby

DEPENDENCIES
  bravery!
  bundler (~> 1.3)
  rake
